PATH
  remote: .
  specs:
    beer-advocate-cli-gem (0.0.0)
      colorize
      nokogiri

GEM
  remote: https://rubygems.org/
  specs:
    coderay (1.1.2)
    colorize (0.8.1)
    method_source (0.9.2)
    mini_portile2 (2.4.0)
    nokogiri (1.10.3)
      mini_portile2 (~> 2.4.0)
    pry (0.12.2)
      coderay (~> 1.1.0)
      method_source (~> 0.9.0)
    rake (10.5.0)

PLATFORMS
  ruby

DEPENDENCIES
  beer-advocate-cli-gem!
  bundler (~> 2.0)
  pry
  rake (~> 10.0)

BUNDLED WITH
   2.0.1
